GIT
  remote: git://github.com/bisscomm/refinerycms-products.git
  revision: 6241529564c4a9fb8cb39fc7d3bd6455773ed52f
  branch: master
  specs:
    refinerycms-products (3.0.0)
      awesome_nested_set (~> 3.0.0)
      refinerycms-acts-as-indexed (~> 2.0.0)
      refinerycms-core (~> 3.0.0)
      refinerycms-page-images (~> 3.0.0)

GIT
  remote: https://github.com/airblade/paper_trail
  revision: 4ced77bdad5dc813a123a6bc40e3cd291181886a
  branch: master
  specs:
    paper_trail (4.0.0.beta3)
      activerecord (>= 3.0, < 6.0)
      activesupport (>= 3.0, < 6.0)

GIT
  remote: https://github.com/parndt/seo_meta
  revision: c575efda84bb775694c32b13f9b446265c6b1e33
  branch: master
  specs:
    seo_meta (2.0.0.rc.1)
      railties (>= 3.0.0)

GIT
  remote: https://github.com/refinery/refinerycms
  revision: 11f8d1eeb45ec5265410d729671051ab9bffdacc
  branch: master
  specs:
    refinerycms (3.0.0)
      bundler (>= 1.2.2)
      refinerycms-authentication (= 3.0.0)
      refinerycms-core (= 3.0.0)
      refinerycms-images (= 3.0.0)
      refinerycms-pages (= 3.0.0)
      refinerycms-resources (= 3.0.0)
    refinerycms-authentication (3.0.0)
      actionmailer (>= 4.0.2, < 4.2)
      devise (~> 3.0, >= 3.2.4)
      friendly_id (>= 5.0.0.rc1)
      refinerycms-core (= 3.0.0)
    refinerycms-core (3.0.0)
      actionpack (~> 4.1.5)
      activerecord (~> 4.1.5)
      awesome_nested_set (~> 3.0.0)
      coffee-rails (~> 4.0, >= 4.0.0)
      decorators (~> 2.0.0)
      jquery-rails (>= 2.3.0)
      jquery-ui-rails (~> 5.0.0)
      railties (~> 4.1.5)
      refinerycms-i18n (~> 3.0.0)
      sass-rails (>= 4.0, < 5.1)
      truncate_html (~> 0.9)
      will_paginate (~> 3.0.2)
    refinerycms-images (3.0.0)
      dragonfly (~> 1.0.0)
      refinerycms-core (= 3.0.0)
    refinerycms-pages (3.0.0)
      awesome_nested_set (~> 3.0.0)
      babosa (!= 0.3.6)
      friendly_id (~> 5.0.1)
      globalize (~> 4.0.0)
      refinerycms-core (= 3.0.0)
      seo_meta (~> 2.0.0.rc.1)
    refinerycms-resources (3.0.0)
      acts_as_indexed (~> 0.8.0)
      dragonfly (~> 1.0.0)
      refinerycms-core (= 3.0.0)

GIT
  remote: https://github.com/refinery/refinerycms-acts-as-indexed
  revision: 03c65b169e1dda52a3003332be886fc1a9b49526
  branch: master
  specs:
    refinerycms-acts-as-indexed (2.0.1)
      acts_as_indexed (~> 0.8.0)
      decorators (~> 2.0.0)
      refinerycms-core (~> 3.0.0)

GIT
  remote: https://github.com/refinery/refinerycms-i18n
  revision: 2f335549d9a2976d36aac2aeb4a7a18446c934fe
  branch: master
  specs:
    refinerycms-i18n (3.0.0)
      rails-i18n (~> 4.0.1)
      routing-filter (>= 0.4.0.dev)

GIT
  remote: https://github.com/refinery/refinerycms-inquiries
  revision: c0af1f31a15bec043c5efeb522a224cfc7446c1e
  branch: master
  specs:
    refinerycms-inquiries (3.0.0)
      filters_spam (~> 0.2)
      refinerycms-core (~> 3.0.0)
      refinerycms-settings (~> 3.0.0)

GIT
  remote: https://github.com/refinery/refinerycms-page-images
  revision: 48495bf75f9d2dde70a6720502e09d72ca91ed65
  branch: master
  specs:
    refinerycms-page-images (3.0.0)
      decorators (~> 2.0.0)
      globalize (~> 4.0)
      refinerycms-pages (~> 3.0.0)

GIT
  remote: https://github.com/refinery/refinerycms-settings
  revision: 10c12da53e0c6a793497c43f6cdd2f17a97e9632
  branch: master
  specs:
    refinerycms-settings (3.0.0)
      friendly_id (~> 5.0, >= 5.0.1)
      refinerycms-core (~> 3.0, >= 3.0.0)

GEM
  remote: https://rubygems.org/
  specs:
    actionmailer (4.1.8)
      actionpack (= 4.1.8)
      actionview (= 4.1.8)
      mail (~> 2.5, >= 2.5.4)
    actionpack (4.1.8)
      actionview (= 4.1.8)
      activesupport (= 4.1.8)
      rack (~> 1.5.2)
      rack-test (~> 0.6.2)
    actionview (4.1.8)
      activesupport (= 4.1.8)
      builder (~> 3.1)
      erubis (~> 2.7.0)
    activemodel (4.1.8)
      activesupport (= 4.1.8)
      builder (~> 3.1)
    activerecord (4.1.8)
      activemodel (= 4.1.8)
      activesupport (= 4.1.8)
      arel (~> 5.0.0)
    activesupport (4.1.8)
      i18n (~> 0.6, >= 0.6.9)
      json (~> 1.7, >= 1.7.7)
      minitest (~> 5.1)
      thread_safe (~> 0.1)
      tzinfo (~> 1.1)
    acts_as_indexed (0.8.3)
    addressable (2.3.7)
    arel (5.0.1.20140414130214)
    awesome_nested_set (3.0.2)
      activerecord (>= 4.0.0, < 5)
    babosa (1.0.2)
    bcrypt (3.1.10)
    better_errors (2.1.1)
      coderay (>= 1.0.0)
      erubis (>= 2.6.6)
      rack (>= 0.9.0)
    binding_of_caller (0.7.2)
      debug_inspector (>= 0.0.1)
    bitters (0.10.1)
      bourbon (>= 3.2)
      sass (>= 3.2)
      thor
    bourbon (4.1.1)
      sass (~> 3.3)
      thor
    builder (3.2.2)
    capistrano (2.15.5)
      highline
      net-scp (>= 1.0.0)
      net-sftp (>= 2.0.0)
      net-ssh (>= 2.0.14)
      net-ssh-gateway (>= 1.1.0)
    capistrano-seed (0.0.2)
      capistrano
    celluloid (0.16.0)
      timers (~> 4.0.0)
    coderay (1.1.0)
    coffee-rails (4.0.1)
      coffee-script (>= 2.2.0)
      railties (>= 4.0.0, < 5.0)
    coffee-script (2.3.0)
      coffee-script-source
      execjs
    coffee-script-source (1.9.0)
    columnize (0.9.0)
    cucumber (1.3.18)
      builder (>= 2.1.2)
      diff-lcs (>= 1.1.3)
      gherkin (~> 2.12)
      multi_json (>= 1.7.5, < 2.0)
      multi_test (>= 0.1.1)
    debug_inspector (0.0.2)
    debugger (1.6.8)
      columnize (>= 0.3.1)
      debugger-linecache (~> 1.2.0)
      debugger-ruby_core_source (~> 1.3.5)
    debugger-linecache (1.2.0)
    debugger-ruby_core_source (1.3.8)
    decorators (2.0.0)
      railties (>= 4.0.0, < 5.0.0)
    devise (3.4.1)
      bcrypt (~> 3.0)
      orm_adapter (~> 0.1)
      railties (>= 3.2.6, < 5)
      responders
      thread_safe (~> 0.1)
      warden (~> 1.2.3)
    diff-lcs (1.2.5)
    dragonfly (1.0.7)
      addressable (~> 2.3)
      multi_json (~> 1.0)
      rack
    erubis (2.7.0)
    execjs (2.3.0)
    ffi (1.9.6)
    figaro (1.0.0)
      thor (~> 0.14)
    filters_spam (0.4)
    formatador (0.2.5)
    friendly_id (5.0.5)
      activerecord (>= 4.0.0)
    gherkin (2.12.2)
      multi_json (~> 1.3)
    globalize (4.0.3)
      activemodel (>= 4.0.0, < 5)
      activerecord (>= 4.0.0, < 5)
    guard (2.12.0)
      formatador (>= 0.2.4)
      listen (~> 2.7)
      lumberjack (~> 1.0)
      nenv (~> 0.1)
      notiffany (~> 0.0)
      pry (>= 0.9.12)
      shellany (~> 0.0)
      thor (>= 0.18.1)
    guard-compat (1.2.1)
    guard-cucumber (1.5.3)
      cucumber (>= 1.3.0)
      guard (>= 2.0.0)
      guard-compat (~> 1.0)
      nenv (~> 0.1)
    guard-rspec (4.5.0)
      guard (~> 2.1)
      guard-compat (~> 1.1)
      rspec (>= 2.99.0, < 4.0)
    guard-spring (0.0.4)
      guard
      spring
    haml (4.0.6)
      tilt
    highline (1.6.21)
    hike (1.2.3)
    hitimes (1.2.2)
    i18n (0.7.0)
    jbuilder (2.2.6)
      activesupport (>= 3.0.0, < 5)
      multi_json (~> 1.2)
    jquery-rails (3.1.2)
      railties (>= 3.0, < 5.0)
      thor (>= 0.14, < 2.0)
    jquery-turbolinks (2.1.0)
      railties (>= 3.1.0)
      turbolinks
    jquery-ui-rails (5.0.3)
      railties (>= 3.2.16)
    json (1.8.2)
    kgio (2.9.3)
    listen (2.8.5)
      celluloid (>= 0.15.2)
      rb-fsevent (>= 0.9.3)
      rb-inotify (>= 0.9)
    lumberjack (1.0.9)
    mail (2.6.3)
      mime-types (>= 1.16, < 3)
    method_source (0.8.2)
    mime-types (2.4.3)
    minitest (5.5.1)
    multi_json (1.10.1)
    multi_test (0.1.1)
    neat (1.7.1)
      bourbon (>= 4.0)
      sass (>= 3.3)
    nenv (0.2.0)
    net-scp (1.2.1)
      net-ssh (>= 2.6.5)
    net-sftp (2.1.2)
      net-ssh (>= 2.6.5)
    net-ssh (2.9.2)
    net-ssh-gateway (1.2.0)
      net-ssh (>= 2.6.5)
    notiffany (0.0.4)
      nenv (~> 0.1)
      shellany (~> 0.0)
    orm_adapter (0.5.0)
    pg (0.18.1)
    pry (0.10.1)
      coderay (~> 1.1.0)
      method_source (~> 0.8.1)
      slop (~> 3.4)
    quiet_assets (1.1.0)
      railties (>= 3.1, < 5.0)
    rack (1.5.2)
    rack-test (0.6.3)
      rack (>= 1.0)
    rails (4.1.8)
      actionmailer (= 4.1.8)
      actionpack (= 4.1.8)
      actionview (= 4.1.8)
      activemodel (= 4.1.8)
      activerecord (= 4.1.8)
      activesupport (= 4.1.8)
      bundler (>= 1.3.0, < 2.0)
      railties (= 4.1.8)
      sprockets-rails (~> 2.0)
    rails-i18n (4.0.3)
      i18n (~> 0.6)
      railties (~> 4.0)
    railties (4.1.8)
      actionpack (= 4.1.8)
      activesupport (= 4.1.8)
      rake (>= 0.8.7)
      thor (>= 0.18.1, < 2.0)
    raindrops (0.13.0)
    rake (10.4.2)
    rb-fsevent (0.9.4)
    rb-inotify (0.9.5)
      ffi (>= 0.5.0)
    rdoc (4.2.0)
      json (~> 1.4)
    refinerycms-wymeditor (1.0.6)
      refinerycms-core (~> 3.0, >= 3.0.0)
    responders (1.1.2)
      railties (>= 3.2, < 4.2)
    routing-filter (0.4.0.pre)
      actionpack
    rspec (3.2.0)
      rspec-core (~> 3.2.0)
      rspec-expectations (~> 3.2.0)
      rspec-mocks (~> 3.2.0)
    rspec-core (3.2.0)
      rspec-support (~> 3.2.0)
    rspec-expectations (3.2.0)
      diff-lcs (>= 1.2.0, < 2.0)
      rspec-support (~> 3.2.0)
    rspec-mocks (3.2.0)
      diff-lcs (>= 1.2.0, < 2.0)
      rspec-support (~> 3.2.0)
    rspec-rails (3.2.0)
      actionpack (>= 3.0, <= 4.2)
      activesupport (>= 3.0, <= 4.2)
      railties (>= 3.0, <= 4.2)
      rspec-core (~> 3.2.0)
      rspec-expectations (~> 3.2.0)
      rspec-mocks (~> 3.2.0)
      rspec-support (~> 3.2.0)
    rspec-support (3.2.1)
    rvm-capistrano (1.5.6)
      capistrano (~> 2.15.4)
    sass (3.4.11)
    sass-rails (5.0.1)
      railties (>= 4.0.0, < 5.0)
      sass (~> 3.1)
      sprockets (>= 2.8, < 4.0)
      sprockets-rails (>= 2.0, < 4.0)
      tilt (~> 1.1)
    sdoc (0.4.1)
      json (~> 1.7, >= 1.7.7)
      rdoc (~> 4.0)
    shellany (0.0.1)
    slop (3.6.0)
    spring (1.3.0)
    spring-commands-cucumber (1.0.1)
      spring (>= 0.9.1)
    spring-commands-rspec (1.0.4)
      spring (>= 0.9.1)
    sprockets (2.12.3)
      hike (~> 1.2)
      multi_json (~> 1.0)
      rack (~> 1.0)
      tilt (~> 1.1, != 1.3.0)
    sprockets-rails (2.2.4)
      actionpack (>= 3.0)
      activesupport (>= 3.0)
      sprockets (>= 2.8, < 4.0)
    thor (0.19.1)
    thread_safe (0.3.4)
    tilt (1.4.1)
    timers (4.0.1)
      hitimes
    truncate_html (0.9.3)
    turbolinks (2.5.3)
      coffee-rails
    tzinfo (1.2.2)
      thread_safe (~> 0.1)
    uglifier (2.7.0)
      execjs (>= 0.3.0)
      json (>= 1.8.0)
    unicorn (4.8.3)
      kgio (~> 2.6)
      rack
      raindrops (~> 0.7)
    warden (1.2.3)
      rack (>= 1.0)
    will_paginate (3.0.7)

PLATFORMS
  ruby

DEPENDENCIES
  better_errors
  binding_of_caller
  bitters (~> 0.10.1)
  bourbon (~> 4.1.1)
  capistrano (~> 2.15.5)
  capistrano-seed (~> 0.0.2)
  coffee-rails (~> 4.0.0)
  debugger
  figaro (~> 1.0.0)
  guard-cucumber
  guard-rspec
  guard-spring
  haml (~> 4.0.5)
  jbuilder (~> 2.0)
  jquery-rails
  jquery-turbolinks (~> 2.1.0)
  neat
  paper_trail!
  pg
  quiet_assets
  rails (= 4.1.8)
  refinerycms!
  refinerycms-acts-as-indexed!
  refinerycms-i18n!
  refinerycms-inquiries!
  refinerycms-page-images!
  refinerycms-products!
  refinerycms-settings!
  refinerycms-wymeditor (~> 1.0, >= 1.0.0)
  rspec-rails
  rvm-capistrano
  sass-rails (~> 5.0.1)
  sdoc (~> 0.4.0)
  seo_meta!
  spring
  spring-commands-cucumber
  spring-commands-rspec
  uglifier (>= 1.3.0)
  unicorn
